GEM
  remote: https://rubygems.org/
  specs:
    byebug (11.1.3)
    coderay (1.1.3)
    diff-lcs (1.5.0)
    json (2.6.3)
    method_source (1.0.0)
    multi_json (1.15.0)
    mustermann (3.0.0)
      ruby2_keywords (~> 0.0.1)
    nio4r (2.5.9)
    pg (1.4.6-x64-mingw-ucrt)
    pry (0.14.2)
      coderay (~> 1.1)
      method_source (~> 1.0)
    pry-byebug (3.10.1)
      byebug (~> 11.0)
      pry (>= 0.13, < 0.15)
    puma (6.2.1)
      nio4r (~> 2.0)
    rack (2.2.6.4)
    rack-protection (3.0.6)
      rack
    rack-test (2.1.0)
      rack (>= 1.3)
    rake (13.0.6)
    rspec (3.12.0)
      rspec-core (~> 3.12.0)
      rspec-expectations (~> 3.12.0)
      rspec-mocks (~> 3.12.0)
    rspec-core (3.12.1)
      rspec-support (~> 3.12.0)
    rspec-expectations (3.12.2)
      diff-lcs (>= 1.2.0, < 2.0)
      rspec-support (~> 3.12.0)
    rspec-mocks (3.12.5)
      diff-lcs (>= 1.2.0, < 2.0)
      rspec-support (~> 3.12.0)
    rspec-support (3.12.0)
    ruby2_keywords (0.0.5)
    sinatra (3.0.6)
      mustermann (~> 3.0)
      rack (~> 2.2, >= 2.2.4)
      rack-protection (= 3.0.6)
      tilt (~> 2.0)
    sinatra-contrib (3.0.6)
      multi_json
      mustermann (~> 3.0)
      rack-protection (= 3.0.6)
      sinatra (= 3.0.6)
      tilt (~> 2.0)
    tilt (2.1.0)

PLATFORMS
  x64-mingw-ucrt

DEPENDENCIES
  json
  pg
  pry
  pry-byebug
  puma
  rack-test
  rake
  rspec
  sinatra
  sinatra-contrib

RUBY VERSION
   ruby 3.1.3p185

BUNDLED WITH
   2.3.26
